GEM
  remote: https://rubygems.org/
  specs:
    aasm (5.0.1)
      concurrent-ruby (~> 1.0)
    concurrent-ruby (1.0.5)
    linked-list (0.0.12)

PLATFORMS
  ruby

DEPENDENCIES
  aasm
  linked-list

BUNDLED WITH
   1.16.2
